GEM
  remote: https://rubygems.org/
  specs:
    addressable (2.8.7)
      public_suffix (>= 2.0.2, < 7.0)
    launchy (2.3.0)
      addressable (~> 2.3)
    mini_portile2 (2.8.7)
    nokogiri (1.16.6)
      mini_portile2 (~> 2.8.2)
      racc (~> 1.4)
    public_suffix (6.0.0)
    racc (1.8.0)
    rack (1.6.13)
    rack-protection (1.5.5)
      rack
    rake (13.2.1)
    sinatra (1.4.3)
      rack (~> 1.4)
      rack-protection (~> 1.4)
      tilt (~> 1.3, >= 1.3.4)
    tilt (1.4.1)
    webrick (1.8.2)
    yield (0.2.2)
      launchy (= 2.3.0)
      sinatra (= 1.4.3)
    zeitwerk (2.6.16)

PLATFORMS
  ruby

DEPENDENCIES
  nokogiri
  rake
  webrick
  yield
  zeitwerk

RUBY VERSION
   ruby 3.3.3p89

BUNDLED WITH
   2.4.5
