GEM
  remote: https://rubygems.org/
  specs:
    addressable (2.8.1)
      public_suffix (>= 2.0.2, < 6.0)
    launchy (2.3.0)
      addressable (~> 2.3)
    mini_portile2 (2.8.6)
    nokogiri (1.16.5)
      mini_portile2 (~> 2.8.2)
      racc (~> 1.4)
    public_suffix (5.0.1)
    racc (1.7.3)
    rack (1.6.13)
    rack-protection (1.5.5)
      rack
    rake (13.0.6)
    sinatra (1.4.3)
      rack (~> 1.4)
      rack-protection (~> 1.4)
      tilt (~> 1.3, >= 1.3.4)
    tilt (1.4.1)
    webrick (1.7.0)
    yield (0.2.2)
      launchy (= 2.3.0)
      sinatra (= 1.4.3)
    zeitwerk (2.6.6)

PLATFORMS
  ruby

DEPENDENCIES
  nokogiri
  rake
  webrick
  yield
  zeitwerk

RUBY VERSION
   ruby 3.1.0p0

BUNDLED WITH
   2.4.5
